GEM
  remote: http://rubygems.org/
  specs:
    json (1.7.5)
    mime-types (1.19)
    nokogiri (1.5.5)
    oauth (0.4.7)
    twitter_oauth (0.4.4)
      json (>= 1.1.9)
      mime-types (>= 1.16)
      oauth (>= 0.4.1)

PLATFORMS
  ruby

DEPENDENCIES
  nokogiri
  twitter_oauth
